PATH
  remote: .
  specs:
    nanoc (3.2.1)
      cri (~> 2.0)

GEM
  remote: http://rubygems.org/
  specs:
    RedCloth (4.2.8)
    bluecloth (2.1.0)
    builder (3.0.0)
    coderay (0.9.8)
    coffee-script (2.2.0)
      coffee-script-source
      execjs
    coffee-script-source (1.1.2)
    cri (2.0.2)
    erubis (2.7.0)
    execjs (1.2.4)
      multi_json (~> 1.0)
    haml (3.1.2)
    json (1.5.4)
    kramdown (0.13.3)
    less (2.0.6)
      therubyracer (~> 0.9.2)
    libv8 (3.3.10.2)
    markaby (0.7.2)
      builder (>= 2.0.0)
    maruku (0.6.0)
      syntax (>= 1.0.0)
    metaclass (0.0.1)
    mime-types (1.16)
    minitest (2.5.1)
    mocha (0.10.0)
      metaclass (~> 0.0.1)
    multi_json (1.0.3)
    mustache (0.99.4)
    nokogiri (1.5.0)
    rack (1.3.2)
    rainpress (1.0)
    rake (0.9.2)
    rdiscount (1.6.8)
    rdoc (3.9.4)
    redcarpet (1.17.2)
    rubypants (0.2.0)
    sass (3.1.7)
    slim (1.0.2)
      temple (~> 0.3.3)
      tilt (~> 1.3.2)
    syntax (1.0.0)
    systemu (2.3.0)
    temple (0.3.4)
    therubyracer (0.9.4)
      libv8 (~> 3.3.10)
    tilt (1.3.3)
    typogruby (1.0.12)
      rubypants
    uglifier (1.0.3)
      execjs (>= 0.3.0)
      multi_json (>= 1.0.2)
    w3c_validators (1.2)
      json
      nokogiri
    yard (0.7.2)
    yuicompressor (1.2.0)

PLATFORMS
  ruby

DEPENDENCIES
  RedCloth
  bluecloth
  builder
  coderay
  coffee-script
  erubis
  haml
  kramdown
  less (~> 2.0)
  markaby
  maruku
  mime-types
  minitest
  mocha
  mustache
  nanoc!
  nokogiri
  rack
  rainpress
  rake
  rdiscount
  rdoc
  redcarpet
  rubypants
  sass (~> 3.1)
  slim
  systemu
  typogruby
  uglifier
  w3c_validators
  yard
  yuicompressor
