PATH
  remote: .
  specs:
    nanoc3 (3.2.0)
      cri (~> 2.0)

GEM
  remote: http://rubygems.org/
  specs:
    cri (2.0.2)
    minitest (2.3.1)
    mocha (0.9.12)
    rdiscount (1.6.8)
    yard (0.7.2)

PLATFORMS
  ruby

DEPENDENCIES
  minitest
  mocha
  nanoc3!
  rdiscount
  yard
